GIT
  remote: https://github.com/blakefrost/crawdad.git
  revision: e3955887524222824dbb9e83ab7330db9dba452f
  branch: newstime
  specs:
    crawdad (0.1.0)
      ffi (~> 1.9.3)
      ffi-inliner (~> 0.2.4)
      prawn (~> 0.12.0)
      text-hyphen (~> 1.4.1)

PATH
  remote: ../superfreak
  specs:
    superfreak (0.0.1)
      nokogiri (~> 1.6.0)

GEM
  remote: https://rubygems.org/
  specs:
    Ascii85 (1.0.2)
    addressable (2.3.5)
    afm (0.2.0)
    async-rack (0.5.1)
      rack (~> 1.1)
    columnize (0.3.6)
    cookiejar (0.3.0)
    debugger (1.6.1)
      columnize (>= 0.3.1)
      debugger-linecache (~> 1.2.0)
      debugger-ruby_core_source (~> 1.2.3)
    debugger-linecache (1.2.0)
    debugger-ruby_core_source (1.2.3)
    dotenv (0.8.0)
    em-http-request (1.1.0)
      addressable (>= 2.3.4)
      cookiejar
      em-socksify (>= 0.3)
      eventmachine (>= 1.0.3)
      http_parser.rb (>= 0.6.0.beta.2)
    em-socksify (0.3.0)
      eventmachine (>= 1.0.0.beta.4)
    em-synchrony (1.0.3)
      eventmachine (>= 1.0.0.beta.1)
    em-websocket (0.3.8)
      addressable (>= 2.1.1)
      eventmachine (>= 0.12.9)
    eventmachine (1.0.3)
    ffi (1.9.3)
    ffi-inliner (0.2.4)
      ffi (>= 0.4.0)
    foreman (0.63.0)
      dotenv (>= 0.7)
      thor (>= 0.13.6)
    goliath (1.0.3)
      async-rack
      em-synchrony (>= 1.0.0)
      em-websocket (= 0.3.8)
      eventmachine (>= 1.0.0.beta.4)
      http_parser.rb (= 0.6.0.beta.2)
      log4r
      multi_json
      rack (>= 1.2.2)
      rack-contrib
      rack-respond_to
    hashery (2.1.1)
    http_parser.rb (0.6.0.beta.2)
    log4r (1.1.10)
    mini_portile (0.5.2)
    multi_json (1.7.7)
    nokogiri (1.6.1)
      mini_portile (~> 0.5.0)
    pdf-reader (1.3.3)
      Ascii85 (~> 1.0.0)
      afm (~> 0.2.0)
      hashery (~> 2.0)
      ruby-rc4
      ttfunk
    prawn (0.12.0)
      pdf-reader (>= 0.9.0)
      ttfunk (~> 1.0.2)
    rack (1.5.2)
    rack-accept-media-types (0.9)
    rack-contrib (1.1.0)
      rack (>= 0.9.1)
    rack-respond_to (0.9.8)
      rack-accept-media-types (>= 0.6)
    ruby-rc4 (0.1.5)
    text-hyphen (1.4.1)
    thor (0.18.1)
    ttfunk (1.0.3)
    yajl-ruby (1.1.0)

PLATFORMS
  ruby

DEPENDENCIES
  crawdad!
  debugger
  em-http-request
  em-synchrony
  foreman
  goliath
  superfreak!
  yajl-ruby
