GIT
  remote: https://github.com/blakefrost/crawdad.git
  revision: e3955887524222824dbb9e83ab7330db9dba452f
  branch: newstime
  specs:
    crawdad (0.1.0)
      ffi (~> 1.9.3)
      ffi-inliner (~> 0.2.4)
      prawn (~> 0.12.0)
      text-hyphen (~> 1.4.1)

PATH
  remote: superbreak
  specs:
    superbreak (0.0.1)
      json (~> 1.8.1)
      nokogiri (~> 1.6.0)

GEM
  remote: https://rubygems.org/
  specs:
    Ascii85 (1.0.2)
    activesupport (4.0.3)
      i18n (~> 0.6, >= 0.6.4)
      minitest (~> 4.2)
      multi_json (~> 1.3)
      thread_safe (~> 0.1)
      tzinfo (~> 0.3.37)
    addressable (2.5.2)
      public_suffix (>= 2.0.2, < 4.0)
    afm (0.2.2)
    async-rack (0.5.1)
      rack (~> 1.1)
    atomic (1.1.15)
    concurrent-ruby (1.0.5)
    connection_pool (2.2.1)
    cookiejar (0.3.3)
    einhorn (0.7.4)
    em-http-request (1.1.5)
      addressable (>= 2.3.4)
      cookiejar (!= 0.3.1)
      em-socksify (>= 0.3)
      eventmachine (>= 1.0.3)
      http_parser.rb (>= 0.6.0)
    em-socksify (0.3.1)
      eventmachine (>= 1.0.0.beta.4)
    em-synchrony (1.0.6)
      eventmachine (>= 1.0.0.beta.1)
    em-websocket (0.3.8)
      addressable (>= 2.1.1)
      eventmachine (>= 0.12.9)
    eventmachine (1.2.5)
    ffi (1.9.18)
    ffi-inliner (0.2.4)
      ffi (>= 0.4.0)
    foreman (0.84.0)
      thor (~> 0.19.1)
    goliath (1.0.6)
      async-rack
      einhorn
      em-synchrony (>= 1.0.0)
      em-websocket (= 0.3.8)
      eventmachine (>= 1.0.0.beta.4)
      http_parser.rb (>= 0.6.0)
      log4r
      multi_json
      rack (>= 1.2.2)
      rack-contrib
      rack-respond_to
    hashery (2.1.2)
    http_parser.rb (0.6.0)
    i18n (0.6.9)
    json (1.8.6)
    log4r (1.1.10)
    mini_portile2 (2.1.0)
    minitest (4.7.5)
    multi_json (1.12.2)
    nokogiri (1.6.8.1)
      mini_portile2 (~> 2.1.0)
    pdf-reader (2.0.0)
      Ascii85 (~> 1.0.0)
      afm (~> 0.2.1)
      hashery (~> 2.0)
      ruby-rc4
      ttfunk
    prawn (0.12.0)
      pdf-reader (>= 0.9.0)
      ttfunk (~> 1.0.2)
    public_suffix (3.0.0)
    rack (1.6.8)
    rack-accept-media-types (0.9)
    rack-contrib (1.7.0)
      rack (~> 1.4)
    rack-protection (2.0.0)
      rack
    rack-respond_to (0.9.8)
      rack-accept-media-types (>= 0.6)
    redis (4.0.1)
    ruby-rc4 (0.1.5)
    sidekiq (5.0.5)
      concurrent-ruby (~> 1.0)
      connection_pool (~> 2.2, >= 2.2.0)
      rack-protection (>= 1.5.0)
      redis (>= 3.3.4, < 5)
    text-hyphen (1.4.1)
    thor (0.19.4)
    thread_safe (0.2.0)
      atomic (>= 1.1.7, < 2)
    ttfunk (1.0.3)
    tzinfo (0.3.38)
    yajl-ruby (1.3.0)

PLATFORMS
  ruby

DEPENDENCIES
  activesupport
  crawdad!
  em-http-request
  em-synchrony
  foreman
  goliath
  nokogiri (~> 1.6.0)
  sidekiq
  superbreak!
  yajl-ruby

RUBY VERSION
   ruby 2.2.8p477

BUNDLED WITH
   1.16.0.pre.3
